GEM
  remote: https://rubygems.org/
  specs:
    gerry (0.1.2)
      httparty
    httparty (0.21.0)
      mini_mime (>= 1.0.0)
      multi_xml (>= 0.5.2)
    mini_mime (1.1.2)
    multi_xml (0.6.0)

PLATFORMS
  ruby
  x64-mingw32

DEPENDENCIES
  gerry

BUNDLED WITH
   1.10.6
